PATH
  remote: .
  specs:
    foodsoft_article_import (1.0.0)
      roo (~> 2.9.0)

GEM
  remote: http://rubygems.org/
  specs:
    docile (1.4.0)
    nokogiri (1.14.0-x86_64-linux)
      racc (~> 1.4)
    racc (1.6.2)
    roo (2.9.0)
      nokogiri (~> 1)
      rubyzip (>= 1.3.0, < 3.0.0)
    rubyzip (2.3.2)
    simplecov (0.22.0)
      docile (~> 1.1)
      simplecov-html (~> 0.11)
      simplecov_json_formatter (~> 0.1)
    simplecov-html (0.12.3)
    simplecov_json_formatter (0.1.4)

PLATFORMS
  x86_64-linux

DEPENDENCIES
  foodsoft_article_import!
  simplecov

BUNDLED WITH
   2.4.2
